GIT
  remote: https://github.com/piousbox/ish_manager.git
  revision: 2d80aa6e4aae786e2ac83d62f5405dd9174c915e
  branch: 2.1.0
  specs:
    ish_manager (0.1.8.399)
      aws-sdk-s3
      business_time (~> 0.13.0)
      cancancan (~> 3.2)
      devise (~> 4.3)
      ffi (= 1.11.3)
      haml (~> 5.0)
      httparty
      ish_models
      kaminari-actionview (~> 1.0)
      kaminari-mongoid (~> 1.0)
      mongoid-autoinc (~> 6.0)
      mongoid-paperclip
      rails (~> 6.1.0)
      sidekiq (~> 7.0.0)
      uglifier

GIT
  remote: https://github.com/piousbox/ish_models.git
  revision: e9e10a6fdaccf9c388a79d70e5edec55bf9d277c
  branch: 2.2.0
  specs:
    ish_models (0.0.33.228)
      aws-sdk-s3
      devise (> 0)
      kaminari-mongoid (~> 1.0.1)
      mongoid (~> 7.3.0)
      mongoid-autoinc (~> 6.0)
      mongoid-paperclip
      mongoid_paranoia
      rails (~> 6.1.0)

GIT
  remote: https://github.com/wasya-co/ishapi.git
  revision: 22aab4b9c2db839b9e75617b39d2b736b3e00030
  branch: 1.1.0
  specs:
    ishapi (0.1.8.259)
      aws-sdk-s3
      cancancan (~> 3.2)
      devise
      fb_graph
      googleauth (~> 0.8.0)
      httparty
      jbuilder (~> 2.7)
      kaminari-actionview (~> 1.0)
      kaminari-mongoid (~> 1.0)
      koala (~> 3.0)
      rack-throttle (~> 0.5)
      rails (~> 6.1.0)
      stripe

GEM
  remote: https://rubygems.org/
  specs:
    actioncable (6.1.7.3)
      actionpack (= 6.1.7.3)
      activesupport (= 6.1.7.3)
      nio4r (~> 2.0)
      websocket-driver (>= 0.6.1)
    actionmailbox (6.1.7.3)
      actionpack (= 6.1.7.3)
      activejob (= 6.1.7.3)
      activerecord (= 6.1.7.3)
      activestorage (= 6.1.7.3)
      activesupport (= 6.1.7.3)
      mail (>= 2.7.1)
    actionmailer (6.1.7.3)
      actionpack (= 6.1.7.3)
      actionview (= 6.1.7.3)
      activejob (= 6.1.7.3)
      activesupport (= 6.1.7.3)
      mail (~> 2.5, >= 2.5.4)
      rails-dom-testing (~> 2.0)
    actionpack (6.1.7.3)
      actionview (= 6.1.7.3)
      activesupport (= 6.1.7.3)
      rack (~> 2.0, >= 2.0.9)
      rack-test (>= 0.6.3)
      rails-dom-testing (~> 2.0)
      rails-html-sanitizer (~> 1.0, >= 1.2.0)
    actiontext (6.1.7.3)
      actionpack (= 6.1.7.3)
      activerecord (= 6.1.7.3)
      activestorage (= 6.1.7.3)
      activesupport (= 6.1.7.3)
      nokogiri (>= 1.8.5)
    actionview (6.1.7.3)
      activesupport (= 6.1.7.3)
      builder (~> 3.1)
      erubi (~> 1.4)
      rails-dom-testing (~> 2.0)
      rails-html-sanitizer (~> 1.1, >= 1.2.0)
    activejob (6.1.7.3)
      activesupport (= 6.1.7.3)
      globalid (>= 0.3.6)
    activemodel (6.1.7.3)
      activesupport (= 6.1.7.3)
    activerecord (6.1.7.3)
      activemodel (= 6.1.7.3)
      activesupport (= 6.1.7.3)
    activestorage (6.1.7.3)
      actionpack (= 6.1.7.3)
      activejob (= 6.1.7.3)
      activerecord (= 6.1.7.3)
      activesupport (= 6.1.7.3)
      marcel (~> 1.0)
      mini_mime (>= 1.1.0)
    activesupport (6.1.7.3)
      concurrent-ruby (~> 1.0, >= 1.0.2)
      i18n (>= 1.6, < 2)
      minitest (>= 5.1)
      tzinfo (~> 2.0)
      zeitwerk (~> 2.3)
    addressable (2.8.1)
      public_suffix (>= 2.0.2, < 6.0)
    aes_key_wrap (1.1.0)
    attr_required (1.0.1)
    aws-eventstream (1.2.0)
    aws-partitions (1.735.0)
    aws-sdk-core (3.171.0)
      aws-eventstream (~> 1, >= 1.0.2)
      aws-partitions (~> 1, >= 1.651.0)
      aws-sigv4 (~> 1.5)
      jmespath (~> 1, >= 1.6.1)
    aws-sdk-kms (1.63.0)
      aws-sdk-core (~> 3, >= 3.165.0)
      aws-sigv4 (~> 1.1)
    aws-sdk-s3 (1.119.2)
      aws-sdk-core (~> 3, >= 3.165.0)
      aws-sdk-kms (~> 1)
      aws-sigv4 (~> 1.4)
    aws-sigv4 (1.5.2)
      aws-eventstream (~> 1, >= 1.0.2)
    bcrypt (3.1.18)
    bindata (2.4.15)
    bson (4.15.0)
    builder (3.2.4)
    business_time (0.13.0)
      activesupport (>= 3.2.0)
      tzinfo
    byebug (11.1.3)
    cancancan (3.5.0)
    capybara (3.38.0)
      addressable
      matrix
      mini_mime (>= 0.1.3)
      nokogiri (~> 1.8)
      rack (>= 1.6.0)
      rack-test (>= 0.6.3)
      regexp_parser (>= 1.5, < 3.0)
      xpath (~> 3.2)
    climate_control (0.2.0)
    concurrent-ruby (1.2.2)
    connection_pool (2.4.0)
    crass (1.0.6)
    database_cleaner-core (2.0.1)
    database_cleaner-mongoid (2.0.1)
      database_cleaner-core (~> 2.0.0)
      mongoid
    date (3.3.3)
    devise (4.9.0)
      bcrypt (~> 3.0)
      orm_adapter (~> 0.1)
      railties (>= 4.1.0)
      responders
      warden (~> 1.2.3)
    diff-lcs (1.5.0)
    discard (1.2.1)
      activerecord (>= 4.2, < 8)
    dotenv (2.8.1)
    dotenv-rails (2.8.1)
      dotenv (= 2.8.1)
      railties (>= 3.2)
    erubi (1.12.0)
    execjs (2.8.1)
    factory_bot (6.2.1)
      activesupport (>= 5.0.0)
    factory_bot_rails (6.2.0)
      factory_bot (~> 6.2.0)
      railties (>= 5.0.0)
    faraday (0.17.6)
      multipart-post (>= 1.2, < 3)
    faraday-multipart (1.0.4)
      multipart-post (~> 2)
    fb_graph (2.7.17)
      httpclient (>= 2.4)
      multi_json (>= 1.3)
      rack-oauth2 (>= 0.14.4)
      tzinfo
    ffi (1.11.3)
    globalid (1.1.0)
      activesupport (>= 5.0)
    googleauth (0.8.1)
      faraday (~> 0.12)
      jwt (>= 1.4, < 3.0)
      memoist (~> 0.16)
      multi_json (~> 1.11)
      os (>= 0.9, < 2.0)
      signet (~> 0.7)
    haml (5.2.2)
      temple (>= 0.8.0)
      tilt
    haml-rails (2.1.0)
      actionpack (>= 5.1)
      activesupport (>= 5.1)
      haml (>= 4.0.6)
      railties (>= 5.1)
    httparty (0.21.0)
      mini_mime (>= 1.0.0)
      multi_xml (>= 0.5.2)
    httpclient (2.8.3)
    i18n (1.12.0)
      concurrent-ruby (~> 1.0)
    io-console (0.6.0)
    irb (1.6.3)
      reline (>= 0.3.0)
    jbuilder (2.11.5)
      actionview (>= 5.0.0)
      activesupport (>= 5.0.0)
    jmespath (1.6.2)
    json (2.6.3)
    json-jwt (1.15.3)
      activesupport (>= 4.2)
      aes_key_wrap
      bindata
      httpclient
    jwt (2.7.0)
    kaminari (1.2.2)
      activesupport (>= 4.1.0)
      kaminari-actionview (= 1.2.2)
      kaminari-activerecord (= 1.2.2)
      kaminari-core (= 1.2.2)
    kaminari-actionview (1.2.2)
      actionview
      kaminari-core (= 1.2.2)
    kaminari-activerecord (1.2.2)
      activerecord
      kaminari-core (= 1.2.2)
    kaminari-core (1.2.2)
    kaminari-mongoid (1.0.2)
      kaminari-core (~> 1.0)
      mongoid
    koala (3.4.0)
      addressable
      faraday
      faraday-multipart
      json (>= 1.8)
      rexml
    kt-paperclip (7.1.1)
      activemodel (>= 4.2.0)
      activesupport (>= 4.2.0)
      marcel (~> 1.0.1)
      mime-types
      terrapin (~> 0.6.0)
    loofah (2.19.1)
      crass (~> 1.0.2)
      nokogiri (>= 1.5.9)
    mail (2.8.1)
      mini_mime (>= 0.1.1)
      net-imap
      net-pop
      net-smtp
    marcel (1.0.2)
    matrix (0.4.2)
    memoist (0.16.2)
    method_source (1.0.0)
    mime-types (3.4.1)
      mime-types-data (~> 3.2015)
    mime-types-data (3.2023.0218.1)
    mini_mime (1.1.2)
    mini_portile2 (2.8.1)
    minitest (5.18.0)
    mongo (2.18.2)
      bson (>= 4.14.1, < 5.0.0)
    mongoid (7.3.5)
      activemodel (>= 5.1, < 7.1, != 7.0.0)
      mongo (>= 2.10.5, < 3.0.0)
      ruby2_keywords (~> 0.0.5)
    mongoid-autoinc (6.0.3)
      mongoid (>= 6.0, < 8.0)
    mongoid-paperclip (0.1.0)
      kt-paperclip
      mongoid
    mongoid_paranoia (0.5.0)
      mongoid (~> 7.3)
    multi_json (1.15.0)
    multi_xml (0.6.0)
    multipart-post (2.3.0)
    mysql2 (0.5.5)
    net-imap (0.3.4)
      date
      net-protocol
    net-pop (0.1.2)
      net-protocol
    net-protocol (0.2.1)
      timeout
    net-smtp (0.3.3)
      net-protocol
    nio4r (2.5.8)
    nokogiri (1.14.2)
      mini_portile2 (~> 2.8.0)
      racc (~> 1.4)
    orm_adapter (0.5.0)
    os (1.1.4)
    public_suffix (5.0.1)
    racc (1.6.2)
    rack (2.2.6.4)
    rack-oauth2 (1.21.3)
      activesupport
      attr_required
      httpclient
      json-jwt (>= 1.11.0)
      rack (>= 2.1.0)
    rack-test (2.1.0)
      rack (>= 1.3)
    rack-throttle (0.7.1)
      bundler (>= 1.0.0)
      rack (>= 1.0.0)
    rails (6.1.7.3)
      actioncable (= 6.1.7.3)
      actionmailbox (= 6.1.7.3)
      actionmailer (= 6.1.7.3)
      actionpack (= 6.1.7.3)
      actiontext (= 6.1.7.3)
      actionview (= 6.1.7.3)
      activejob (= 6.1.7.3)
      activemodel (= 6.1.7.3)
      activerecord (= 6.1.7.3)
      activestorage (= 6.1.7.3)
      activesupport (= 6.1.7.3)
      bundler (>= 1.15.0)
      railties (= 6.1.7.3)
      sprockets-rails (>= 2.0.0)
    rails-controller-testing (1.0.5)
      actionpack (>= 5.0.1.rc1)
      actionview (>= 5.0.1.rc1)
      activesupport (>= 5.0.1.rc1)
    rails-dom-testing (2.0.3)
      activesupport (>= 4.2.0)
      nokogiri (>= 1.6)
    rails-html-sanitizer (1.5.0)
      loofah (~> 2.19, >= 2.19.1)
    railties (6.1.7.3)
      actionpack (= 6.1.7.3)
      activesupport (= 6.1.7.3)
      method_source
      rake (>= 12.2)
      thor (~> 1.0)
    rake (13.0.6)
    redis-client (0.14.0)
      connection_pool
    regexp_parser (2.7.0)
    reline (0.3.3)
      io-console (~> 0.5)
    responders (3.1.0)
      actionpack (>= 5.2)
      railties (>= 5.2)
    rexml (3.2.5)
    rspec-core (3.12.1)
      rspec-support (~> 3.12.0)
    rspec-expectations (3.12.2)
      diff-lcs (>= 1.2.0, < 2.0)
      rspec-support (~> 3.12.0)
    rspec-mocks (3.12.4)
      diff-lcs (>= 1.2.0, < 2.0)
      rspec-support (~> 3.12.0)
    rspec-rails (6.0.1)
      actionpack (>= 6.1)
      activesupport (>= 6.1)
      railties (>= 6.1)
      rspec-core (~> 3.11)
      rspec-expectations (~> 3.11)
      rspec-mocks (~> 3.11)
      rspec-support (~> 3.11)
    rspec-support (3.12.0)
    ruby2_keywords (0.0.5)
    sassc (2.4.0)
      ffi (~> 1.9)
    sidekiq (7.0.7)
      concurrent-ruby (< 2)
      connection_pool (>= 2.3.0)
      rack (>= 2.2.4)
      redis-client (>= 0.11.0)
    signet (0.17.0)
      addressable (~> 2.8)
      faraday (>= 0.17.5, < 3.a)
      jwt (>= 1.5, < 3.0)
      multi_json (~> 1.10)
    sprockets (4.2.0)
      concurrent-ruby (~> 1.0)
      rack (>= 2.2.4, < 4)
    sprockets-rails (3.4.2)
      actionpack (>= 5.2)
      activesupport (>= 5.2)
      sprockets (>= 3.0.0)
    stripe (8.4.0)
    temple (0.10.0)
    terrapin (0.6.0)
      climate_control (>= 0.0.3, < 1.0)
    thor (1.2.1)
    tilt (2.1.0)
    timeout (0.3.2)
    tzinfo (2.0.6)
      concurrent-ruby (~> 1.0)
    uglifier (4.2.0)
      execjs (>= 0.3.0, < 3)
    warden (1.2.9)
      rack (>= 2.0.9)
    websocket-driver (0.7.5)
      websocket-extensions (>= 0.1.0)
    websocket-extensions (0.1.5)
    xpath (3.2.0)
      nokogiri (~> 1.8)
    zeitwerk (2.6.7)

PLATFORMS
  ruby

DEPENDENCIES
  aws-sdk-s3
  byebug
  cancancan
  capybara
  database_cleaner-mongoid
  devise
  discard (~> 1.2)
  dotenv-rails
  factory_bot_rails
  haml-rails
  irb (>= 1.2.8)
  ish_manager!
  ish_models!
  ishapi!
  json-jwt
  jwt
  kaminari
  kaminari-mongoid
  mongoid
  mongoid-paperclip
  mongoid_paranoia
  mysql2
  rails (~> 6.1)
  rails-controller-testing
  rake
  rspec-rails
  sassc

BUNDLED WITH
   2.1.4
